GEM
  remote: https://rubygems.org/
  specs:
    archivesspace-client (0.1.2)
      httparty
      json
      nokogiri
    coderay (1.1.1)
    httparty (0.14.0)
      multi_xml (>= 0.5.2)
    json (1.8.1)
    method_source (0.8.2)
    mini_portile2 (2.1.0)
    multi_json (1.12.1)
    multi_xml (0.5.5)
    nokogiri (1.6.8.1)
      mini_portile2 (~> 2.1.0)
    pry (0.10.3)
      coderay (~> 1.1.0)
      method_source (~> 0.8.1)
      slop (~> 3.4)
    slop (3.6.0)

PLATFORMS
  ruby

DEPENDENCIES
  archivesspace-client (~> 0.1.2)
  multi_json
  pry
